GEM
  remote: https://rubygems.org/
  specs:
    coderay (1.1.1)
    daemons (1.2.3)
    em-websocket (0.5.1)
      eventmachine (>= 0.12.9)
      http_parser.rb (~> 0.6.0)
    eventmachine (1.2.0.1)
    faye-websocket (0.10.3)
      eventmachine (>= 0.12.0)
      websocket-driver (>= 0.5.1)
    haml (4.0.7)
      tilt
    http_parser.rb (0.6.0)
    kgio (2.10.0)
    method_source (0.8.2)
    pry (0.10.3)
      coderay (~> 1.1.0)
      method_source (~> 0.8.1)
      slop (~> 3.4)
    rack (1.6.4)
    rack-protection (1.5.3)
      rack
    raindrops (0.16.0)
    realtime-slackbot (1.1.2)
      eventmachine (~> 1.0)
      faye-websocket (~> 0.10)
    redis (3.3.0)
    sinatra (1.4.7)
      rack (~> 1.5)
      rack-protection (~> 1.4)
      tilt (>= 1.3, < 3)
    slop (3.6.0)
    tilt (2.0.3)
    unicorn (5.1.0)
      kgio (~> 2.6)
      raindrops (~> 0.7)
    websocket-driver (0.6.3)
      websocket-extensions (>= 0.1.0)
    websocket-extensions (0.1.2)

PLATFORMS
  ruby

DEPENDENCIES
  daemons
  em-websocket
  haml
  pry
  rack
  realtime-slackbot
  redis
  sinatra
  unicorn

RUBY VERSION
   ruby 2.3.1p112

BUNDLED WITH
   1.12.3
